PATH
  remote: .
  specs:
    ucss (1.0.0)

GEM
  remote: https://rubygems.org/
  specs:
    rake (13.0.3)

PLATFORMS
  x86_64-darwin-20

DEPENDENCIES
  bundler (~> 2.2.10)
  rake (~> 13.0)
  ucss!

BUNDLED WITH
   2.2.22
